GEM
  remote: https://rubygems.vpsfree.cz/
  specs:
    concurrent-ruby (1.0.5)
    filelock (1.1.1)
    gli (2.17.1)
    ipaddress (0.8.3)
    json (2.1.0)
    libosctl (0.1.0.build20180310224451)
    osctl-repo (0.1.0.build20180310224451)
      filelock
      gli (~> 2.17.1)
      json
      libosctl (= 0.1.0.build20180310224451)
    osctld (0.1.0.build20180310224451)
      concurrent-ruby (~> 1.0.5)
      ipaddress (~> 0.8.3)
      json
      libosctl (= 0.1.0.build20180310224451)
      osctl-repo (= 0.1.0.build20180310224451)
      ruby-lxc (~> 1.2.2)
    ruby-lxc (1.2.2)

PLATFORMS
  ruby

DEPENDENCIES
  osctld (= 0.1.0.build20180310224451)

BUNDLED WITH
   1.14.6
