GEM
  remote: https://rubygems.vpsfree.cz/
  specs:
    concurrent-ruby (1.0.5)
    filelock (1.1.1)
    gli (2.17.1)
    ipaddress (0.8.3)
    json (2.1.0)
    libosctl (18.03.0.build20180408094755)
    osctl-repo (18.03.0.build20180408094755)
      filelock
      gli (~> 2.17.1)
      json
      libosctl (= 18.03.0.build20180408094755)
    osctld (18.03.0.build20180408094755)
      concurrent-ruby (~> 1.0.5)
      ipaddress (~> 0.8.3)
      json
      libosctl (= 18.03.0.build20180408094755)
      osctl-repo (= 18.03.0.build20180408094755)
      ruby-lxc (~> 1.2.2)
    ruby-lxc (1.2.2)

PLATFORMS
  ruby

DEPENDENCIES
  osctld (= 18.03.0.build20180408094755)

BUNDLED WITH
   1.14.6
