GEM
  remote: https://rubygems.vpsfree.cz/
  specs:
    concurrent-ruby (1.0.5)
    ipaddress (0.8.3)
    json (2.1.0)
    libosctl (0.1.0.build20180213133323)
    osctld (0.1.0.build20180213133323)
      concurrent-ruby (~> 1.0.5)
      ipaddress (~> 0.8.3)
      json
      libosctl (= 0.1.0.build20180213133323)
      ruby-lxc (~> 1.2.2)
    ruby-lxc (1.2.2)

PLATFORMS
  ruby

DEPENDENCIES
  osctld (= 0.1.0.build20180213133323)

BUNDLED WITH
   1.14.6
