GEM
  remote: https://rubygems.vpsfree.cz/
  specs:
    concurrent-ruby (1.0.5)
    filelock (1.1.1)
    gli (2.17.2)
    ipaddress (0.8.3)
    json (2.1.0)
    libosctl (18.03.0.build20180913175250)
      require_all (~> 2.0.0)
    osctl-repo (18.03.0.build20180913175250)
      filelock
      gli (~> 2.17.1)
      json
      libosctl (= 18.03.0.build20180913175250)
      require_all (~> 2.0.0)
    osctld (18.03.0.build20180913175250)
      concurrent-ruby (~> 1.0.5)
      ipaddress (~> 0.8.3)
      json
      libosctl (= 18.03.0.build20180913175250)
      osctl-repo (= 18.03.0.build20180913175250)
      osup (= 18.03.0.build20180913175250)
      require_all (~> 2.0.0)
      ruby-lxc (= 1.2.3)
    osup (18.03.0.build20180913175250)
      gli (~> 2.17.1)
      json
      libosctl (= 18.03.0.build20180913175250)
      require_all (~> 2.0.0)
    require_all (2.0.0)
    ruby-lxc (1.2.3)

PLATFORMS
  ruby

DEPENDENCIES
  osctld (= 18.03.0.build20180913175250)

BUNDLED WITH
   1.14.6
