GEM
  remote: https://rubygems.vpsfree.cz/
  specs:
    binman (5.1.0)
      opener (>= 0.1.0, < 1)
    curses (1.2.4)
    gli (2.17.1)
    highline (1.7.10)
    ipaddress (0.8.3)
    json (2.1.0)
    md2man (5.1.2)
      binman (~> 5.0)
      redcarpet (~> 3.0)
      rouge (~> 3.0)
    opener (0.1.0)
    osctl (0.1.0.build20180216153209)
      curses
      gli (~> 2.17.1)
      highline (~> 1.7.10)
      ipaddress (~> 0.8.3)
      json
      md2man
      rake
      ruby-progressbar (~> 1.9.0)
      yard
    rake (12.3.0)
    redcarpet (3.4.0)
    rouge (3.1.1)
    ruby-progressbar (1.9.0)
    yard (0.9.12)

PLATFORMS
  ruby

DEPENDENCIES
  osctl (= 0.1.0.build20180216153209)

BUNDLED WITH
   1.14.6
