GEM
  remote: https://rubygems.vpsfree.cz/
  specs:
    binman (5.1.0)
      opener (>= 0.1.0, < 1)
    gli (2.17.2)
    highline (1.7.10)
    ipaddress (0.8.3)
    json (2.1.0)
    md2man (5.1.2)
      binman (~> 5.0)
      redcarpet (~> 3.0)
      rouge (~> 3.0)
    opener (0.1.0)
    osctl-env-exec (0.1.0.build20181126195036)
      gli (~> 2.17.1)
      highline (~> 1.7.10)
      ipaddress (~> 0.8.3)
      json
      md2man
      rake
      rake-compiler
      ruby-progressbar (~> 1.9.0)
      yard
    rake (12.3.1)
    rake-compiler (1.0.5)
      rake
    redcarpet (3.4.0)
    rouge (3.3.0)
    ruby-progressbar (1.9.0)
    yard (0.9.16)

PLATFORMS
  ruby

DEPENDENCIES
  osctl-env-exec (= 0.1.0.build20181126195036)

BUNDLED WITH
   1.16.3
