GEM
  remote: https://rubygems.vpsfree.cz/
  specs:
    gli (2.17.2)
    libosctl (19.03.0.build20190424152710)
      require_all (~> 2.0.0)
    require_all (2.0.0)
    svctl (19.03.0.build20190424152710)
      gli (~> 2.17.1)
      libosctl (= 19.03.0.build20190424152710)

PLATFORMS
  ruby

DEPENDENCIES
  svctl (= 19.03.0.build20190424152710)

BUNDLED WITH
   1.17.2
