GEM
  remote: https://rubygems.vpsfree.cz/
  specs:
    gli (2.17.2)
    libosctl (18.09.0.build20181014173943)
      require_all (~> 2.0.0)
    require_all (2.0.0)
    svctl (18.09.0.build20181014173943)
      gli (~> 2.17.1)
      libosctl (= 18.09.0.build20181014173943)

PLATFORMS
  ruby

DEPENDENCIES
  svctl (= 18.09.0.build20181014173943)

BUNDLED WITH
   1.16.3
