GEM
  remote: https://rubygems.vpsfree.cz/
  specs:
    curses (1.3.1)
    filelock (1.1.1)
    gli (2.17.2)
    highline (1.7.10)
    ipaddress (0.8.3)
    json (2.2.0)
    libosctl (19.03.0.build20190622163407)
      rainbow (~> 3.0.0)
      require_all (~> 2.0.0)
    osctl (19.03.0.build20190622163407)
      curses
      gli (~> 2.17.1)
      highline (~> 1.7.10)
      ipaddress (~> 0.8.3)
      json
      libosctl (= 19.03.0.build20190622163407)
      rainbow (~> 3.0.0)
      require_all (~> 2.0.0)
      ruby-progressbar (~> 1.9.0)
    osctl-image (19.03.0.build20190622163407)
      gli (~> 2.17.1)
      json
      libosctl (= 19.03.0.build20190622163407)
      osctl (= 19.03.0.build20190622163407)
      osctl-repo (= 19.03.0.build20190622163407)
      require_all (~> 2.0.0)
    osctl-repo (19.03.0.build20190622163407)
      filelock
      gli (~> 2.17.1)
      json
      libosctl (= 19.03.0.build20190622163407)
      require_all (~> 2.0.0)
    rainbow (3.0.0)
    require_all (2.0.0)
    ruby-progressbar (1.9.0)

PLATFORMS
  ruby

DEPENDENCIES
  osctl-image (= 19.03.0.build20190622163407)

BUNDLED WITH
   1.17.2
