GEM
  remote: https://rubygems.vpsfree.cz/
  specs:
    gli (2.17.1)
    json (2.1.0)
    libosctl (18.03.0.build20180816191759)
      require_all (~> 2.0.0)
    osup (18.03.0.build20180816191759)
      gli (~> 2.17.1)
      json
      libosctl (= 18.03.0.build20180816191759)
      require_all (~> 2.0.0)
    require_all (2.0.0)

PLATFORMS
  ruby

DEPENDENCIES
  osup (= 18.03.0.build20180816191759)

BUNDLED WITH
   1.14.6
