GEM
  remote: https://rubygems.vpsfree.cz/
  specs:
    gli (2.17.2)
    json (2.2.0)
    libosctl (19.03.0.build20190407155512)
      require_all (~> 2.0.0)
    osup (19.03.0.build20190407155512)
      gli (~> 2.17.1)
      json
      libosctl (= 19.03.0.build20190407155512)
      require_all (~> 2.0.0)
    require_all (2.0.0)

PLATFORMS
  ruby

DEPENDENCIES
  osup (= 19.03.0.build20190407155512)

BUNDLED WITH
   1.16.3
